GEM
  remote: https://rubygems.org/
  specs:
    activesupport (3.2.12)
      i18n (~> 0.6)
      multi_json (~> 1.0)
    awesome_print (0.4.0)
    chronic (0.6.5)
    coderay (1.1.0)
    diff-lcs (1.1.3)
    hpricot (0.8.6)
    i18n (0.6.0)
    method_source (0.8.2)
    multi_json (1.14.1)
    nokogiri (1.5.2)
    prowl (0.1.3)
    pry (0.9.12.4)
      coderay (~> 1.0)
      method_source (~> 0.8)
      slop (~> 3.4)
    rake (0.9.2.2)
    rspec (2.7.0)
      rspec-core (~> 2.7.0)
      rspec-expectations (~> 2.7.0)
      rspec-mocks (~> 2.7.0)
    rspec-core (2.7.1)
    rspec-expectations (2.7.0)
      diff-lcs (~> 1.1.2)
    rspec-mocks (2.7.0)
    sequel (3.29.0)
    slop (3.4.7)
    sqlite3 (1.3.4)
    torrent_api (0.2.7)
      hpricot
      nokogiri
    whenever (0.7.0)
      activesupport (>= 2.3.4)
      chronic (~> 0.6.3)

PLATFORMS
  ruby

DEPENDENCIES
  awesome_print
  i18n
  prowl
  pry
  rake
  rspec (~> 2.7)
  sequel (~> 3.2)
  sqlite3
  torrent_api (= 0.2.7)
  whenever
